PATH
  remote: .
  specs:
    omniauth-openam (0.0.1)
      nokogiri (>= 1.4.4)
      omniauth (>= 1, < 3)

GEM
  remote: http://rubygems.org/
  specs:
    hashie (5.0.0)
    mini_portile2 (2.8.1)
    nokogiri (1.14.2)
      mini_portile2 (~> 2.8.0)
      racc (~> 1.4)
    omniauth (2.1.1)
      hashie (>= 3.4.6)
      rack (>= 2.2.3)
      rack-protection
    racc (1.6.2)
    rack (3.0.4.1)
    rack-protection (3.0.5)
      rack

PLATFORMS
  ruby

DEPENDENCIES
  omniauth-openam!
