PATH
  remote: .
  specs:
    omniauth-openam (0.0.1)
      nokogiri (>= 1.4.4)
      omniauth (~> 1.0)

GEM
  remote: http://rubygems.org/
  specs:
    hashie (5.0.0)
    mini_portile2 (2.8.1)
    nokogiri (1.14.3)
      mini_portile2 (~> 2.8.0)
      racc (~> 1.4)
    omniauth (1.9.2)
      hashie (>= 3.4.6)
      rack (>= 1.6.2, < 3)
    racc (1.6.2)
    rack (2.2.6.4)

PLATFORMS
  ruby

DEPENDENCIES
  omniauth-openam!
